GEM
  remote: http://rubygems.org/
  specs:
    i18n (0.4.1)
    mail (2.3.0)
      i18n (>= 0.4.0)
      mime-types (~> 1.16)
      treetop (~> 1.4.8)
    mime-types (1.16)
    polyglot (0.3.1)
    ruby-prof (0.10.7)
    tmail (1.2.7.1)
    treetop (1.4.9)
      polyglot (>= 0.3.1)

PLATFORMS
  java
  ruby

DEPENDENCIES
  i18n
  mail
  ruby-prof
  tmail
